PATH
  remote: .
  specs:
    request_id (1.0.0)
      activesupport (~> 3.0)

GEM
  remote: https://rubygems.org/
  specs:
    activesupport (3.2.8)
      i18n (~> 0.6)
      multi_json (~> 1.0)
    i18n (0.6.1)
    multi_json (1.3.7)

PLATFORMS
  ruby

DEPENDENCIES
  request_id!
